GIT
  remote: http://github.com/Shopify/active_merchant.git
  revision: 7ec631880bcb73b86f33e792290cd2177efc2292
  specs:
    activemerchant (1.9.3)
      activesupport (>= 2.3.2)
      braintree (>= 2.0.0)
      builder (>= 2.0.0)

GIT
  remote: http://github.com/mislav/will_paginate.git
  revision: b1a5beeec9f56ecbe3594fcdca76d92b6767ce50
  branch: rails3
  specs:
    will_paginate (3.0.pre3)

GIT
  remote: http://github.com/rubyjedi/paperclip.git
  revision: ab484458c1138e19ec9bfd9300331873604d1968
  specs:
    paperclip (2.3.3)
      activerecord
      activesupport

GEM
  remote: http://rubygems.org/
  specs:
    RedCloth (4.2.3)
    abstract (1.0.0)
    actionmailer (3.0.3)
      actionpack (= 3.0.3)
      mail (~> 2.2.9)
    actionpack (3.0.3)
      activemodel (= 3.0.3)
      activesupport (= 3.0.3)
      builder (~> 2.1.2)
      erubis (~> 2.6.6)
      i18n (~> 0.4)
      rack (~> 1.2.1)
      rack-mount (~> 0.6.13)
      rack-test (~> 0.5.6)
      tzinfo (~> 0.3.23)
    activemodel (3.0.3)
      activesupport (= 3.0.3)
      builder (~> 2.1.2)
      i18n (~> 0.4)
    activerecord (3.0.3)
      activemodel (= 3.0.3)
      activesupport (= 3.0.3)
      arel (~> 2.0.2)
      tzinfo (~> 0.3.23)
    activeresource (3.0.3)
      activemodel (= 3.0.3)
      activesupport (= 3.0.3)
    activesupport (3.0.3)
    acts_as_tree (0.1.1)
    arel (2.0.6)
    aws-s3 (0.6.2)
      builder
      mime-types
      xml-simple
    braintree (2.6.2)
      builder
    builder (2.1.2)
    erubis (2.6.6)
      abstract (>= 1.0.0)
    ezcrypto (0.7.2)
    ffi (1.0.4-x86-mingw32)
      rake (>= 0.8.7)
    i18n (0.5.0)
    mail (2.2.13)
      activesupport (>= 2.3.6)
      i18n (>= 0.4.0)
      mime-types (~> 1.16)
      treetop (~> 1.4.8)
    mime-types (1.16)
    mocha (0.9.10)
      rake
    polyglot (0.3.1)
    rack (1.2.1)
    rack-mount (0.6.13)
      rack (>= 1.0.0)
    rack-test (0.5.7)
      rack (>= 1.0)
    rails (3.0.3)
      actionmailer (= 3.0.3)
      actionpack (= 3.0.3)
      activerecord (= 3.0.3)
      activeresource (= 3.0.3)
      activesupport (= 3.0.3)
      bundler (~> 1.0)
      railties (= 3.0.3)
    railties (3.0.3)
      actionpack (= 3.0.3)
      activesupport (= 3.0.3)
      rake (>= 0.8.7)
      thor (~> 0.14.4)
    rake (0.8.7)
    rcov (0.9.9)
    sqlite3 (0.1.1)
      ffi (>= 0.6.3)
    thor (0.14.6)
    tlsmail (0.0.1)
    treetop (1.4.9)
      polyglot (>= 0.3.1)
    tzinfo (0.3.23)
    xml-simple (1.0.12)

PLATFORMS
  x86-mingw32

DEPENDENCIES
  RedCloth
  activemerchant!
  acts_as_tree
  aws-s3
  ezcrypto
  mocha
  paperclip!
  rails (= 3.0.3)
  rcov
  sqlite3
  tlsmail
  will_paginate!
